GEM
  remote: https://rubygems.org/
  specs:
    addressable (2.3.6)
    builder (3.2.2)
    byebug (3.5.1)
      columnize (~> 0.8)
      debugger-linecache (~> 1.2)
      slop (~> 3.6)
    coderay (1.1.0)
    columnize (0.9.0)
    cucumber (1.3.18)
      builder (>= 2.1.2)
      diff-lcs (>= 1.1.3)
      gherkin (~> 2.12)
      multi_json (>= 1.7.5, < 2.0)
      multi_test (>= 0.1.1)
    debugger-linecache (1.2.0)
    diff-lcs (1.2.5)
    faraday (0.8.9)
      multipart-post (~> 1.2.0)
    flexmock (0.9.0)
    gherkin (2.12.2)
      multi_json (~> 1.3)
    git (1.2.8)
    github_api (0.10.1)
      addressable
      faraday (~> 0.8.1)
      hashie (>= 1.2)
      multi_json (~> 1.4)
      nokogiri (~> 1.5.2)
      oauth2
    hashie (3.3.2)
    highline (1.6.21)
    httpclient (2.5.3.3)
    jeweler (1.8.8)
      builder
      bundler (~> 1.0)
      git (>= 1.2.5)
      github_api (= 0.10.1)
      highline (>= 1.6.15)
      nokogiri (= 1.5.10)
      rake
      rdoc
    json (1.8.1)
    jwt (1.2.0)
    linecache (0.46)
      rbx-require-relative (> 0.0.4)
    method_source (0.8.2)
    msgpack (0.5.9)
    multi_json (1.10.1)
    multi_test (0.1.1)
    multi_xml (0.5.5)
    multipart-post (1.2.0)
    nokogiri (1.5.10)
    oauth2 (1.0.0)
      faraday (>= 0.8, < 0.10)
      jwt (~> 1.0)
      multi_json (~> 1.3)
      multi_xml (~> 0.5)
      rack (~> 1.2)
    pry (0.10.1)
      coderay (~> 1.1.0)
      method_source (~> 0.8.1)
      slop (~> 3.4)
    pry-byebug (2.0.0)
      byebug (~> 3.4)
      pry (~> 0.10)
    rack (1.6.0)
    rack-contrib (1.2.0)
      rack (>= 0.9.1)
    rake (0.9.6)
    rbx-require-relative (0.0.9)
    rdoc (4.2.0)
      json (~> 1.4)
    right_aws (3.1.0)
      right_http_connection (>= 1.2.5)
    right_develop (3.1.11)
      builder (~> 3.0)
      rack
      right_aws (>= 2.1.0)
      right_git (>= 1.0)
      right_support (>= 2.8.31, < 3.0.0)
      trollop (>= 1.0, < 3.0)
    right_git (1.0.1)
      right_support (>= 2.8.10)
    right_http_connection (1.5.0)
    right_support (2.8.38)
    rspec (1.3.2)
    ruby-debug (0.10.4)
      columnize (>= 0.1)
      ruby-debug-base (~> 0.10.4.0)
    ruby-debug-base (0.10.4)
      linecache (>= 0.3)
    simple_uuid (0.4.0)
    slop (3.6.0)
    trollop (2.0)

PLATFORMS
  ruby

DEPENDENCIES
  cucumber (~> 1.0)
  flexmock (~> 0.8)
  httpclient
  jeweler (~> 1.8)
  json (~> 1.4)
  msgpack (~> 0.4)
  pry (~> 0.10)
  pry-byebug (~> 2.0)
  rack-contrib (~> 1.0)
  rake (~> 0.8)
  right_develop (~> 3.1)
  right_support (>= 2.8.2, < 4.0)
  rspec (~> 1.3)
  ruby-debug (~> 0.10)
  simple_uuid (>= 0.2.0)

BUNDLED WITH
   1.10.6
