GIT
  remote: git://github.com/xeger/actionpack.git
  revision: be9ea05628618b910f2f99dcabdcfa2b2bb7b952
  branch: master
  specs:
    actionpack (2.3.5)
      activesupport (= 2.3.5)
      rack (>= 1.0.0)

PATH
  remote: .
  specs:
    global_session (1.0.17)
      json (~> 1.4)
      rack-contrib (~> 1.0)
      right_support (~> 2.5)
      simple_uuid (>= 0.2.0)

GEM
  remote: http://rubygems.org/
  specs:
    activesupport (2.3.5)
    columnize (0.3.2)
    flexmock (0.8.11)
    json (1.7.5)
    linecache (0.43)
    rack (1.4.1)
    rack-contrib (1.1.0)
      rack (>= 0.9.1)
    rake (0.8.7)
    right_support (2.5.0)
    rspec (1.3.1)
    ruby-debug (0.10.4)
      columnize (>= 0.1)
      ruby-debug-base (~> 0.10.4.0)
    ruby-debug-base (0.10.4)
      linecache (>= 0.3)
    simple_uuid (0.2.0)

PLATFORMS
  ruby

DEPENDENCIES
  actionpack (= 2.3.5)!
  flexmock (~> 0.8)
  global_session!
  rake (~> 0.8)
  rspec (~> 1.3)
  ruby-debug (~> 0.10)
