PATH
  remote: .
  specs:
    global_session (2.0.1)
      json (~> 1.4)
      msgpack (~> 0.4)
      rack-contrib (~> 1.0)
      right_support (~> 2.5)
      simple_uuid (>= 0.2.0)

GEM
  remote: http://rubygems.org/
  specs:
    builder (3.1.4)
    columnize (0.3.2)
    cucumber (0.10.7)
      builder (>= 2.1.2)
      diff-lcs (>= 1.1.2)
      gherkin (~> 2.4.0)
      json (>= 1.4.6)
      term-ansicolor (>= 1.0.5)
    debugger (1.5.0)
      columnize (>= 0.3.1)
      debugger-linecache (~> 1.2.0)
      debugger-ruby_core_source (~> 1.2.0)
    debugger-linecache (1.2.0)
    debugger-ruby_core_source (1.2.0)
    diff-lcs (1.1.3)
    flexmock (0.8.11)
    gherkin (2.4.21)
      json (>= 1.4.6)
    httpclient (2.3.0.1)
    json (1.7.5)
    linecache (0.43)
    msgpack (0.5.1)
    rack (1.0.1)
    rack-contrib (1.1.0)
      rack (>= 0.9.1)
    rake (0.9.6)
    right_support (2.6.16)
    rspec (1.3.1)
    ruby-debug (0.10.4)
      columnize (>= 0.1)
      ruby-debug-base (~> 0.10.4.0)
    ruby-debug-base (0.10.4)
      linecache (>= 0.3)
    simple_uuid (0.3.0)
    term-ansicolor (1.0.7)

PLATFORMS
  ruby

DEPENDENCIES
  cucumber (~> 0.8)
  debugger
  flexmock (~> 0.8)
  global_session!
  httpclient
  rake (~> 0.8)
  rspec (~> 1.3)
  ruby-debug (~> 0.10)
