PATH
  remote: .
  specs:
    global_session (3.3.1)
      json (~> 1.4)
      rack-contrib (~> 1.0)
      right_support (>= 2.14.1, < 3.0)
      simple_uuid (>= 0.2.0)

GEM
  remote: https://rubygems.org/
  specs:
    byebug (9.0.6)
    coderay (1.1.1)
    diff-lcs (1.2.5)
    flexmock (2.3.4)
    git-version-bump (0.15.1)
    httpclient (2.8.3)
    json (1.8.3)
    jwt (1.5.6)
    method_source (0.8.2)
    msgpack (1.0.2)
    pry (0.10.4)
      coderay (~> 1.1.0)
      method_source (~> 0.8.1)
      slop (~> 3.4)
    pry-byebug (3.4.2)
      byebug (~> 9.0)
      pry (~> 0.10)
    rack (1.6.5)
    rack-contrib (1.4.0)
      git-version-bump (~> 0.15)
      rack (~> 1.4)
    rake (12.0.0)
    right_support (2.14.1)
    rspec (3.5.0)
      rspec-core (~> 3.5.0)
      rspec-expectations (~> 3.5.0)
      rspec-mocks (~> 3.5.0)
    rspec-core (3.5.4)
      rspec-support (~> 3.5.0)
    rspec-expectations (3.5.0)
      diff-lcs (>= 1.2.0, < 2.0)
      rspec-support (~> 3.5.0)
    rspec-mocks (3.5.0)
      diff-lcs (>= 1.2.0, < 2.0)
      rspec-support (~> 3.5.0)
    rspec-support (3.5.0)
    simple_uuid (0.4.0)
    slop (3.6.0)

PLATFORMS
  ruby

DEPENDENCIES
  flexmock
  global_session!
  httpclient
  jwt
  msgpack
  pry
  pry-byebug
  rake
  rspec

BUNDLED WITH
   1.12.4
