GIT
  remote: git://github.com/xeger/actionpack.git
  revision: 998ff965a98cc3f2d5125e33b1e34d3621f7dda7
  specs:
    actionpack (2.3.5)
      activesupport (= 2.3.5)
      rack

PATH
  remote: .
  specs:
    global_session (1.0.9)
      json (~> 1.4)
      rack-contrib (~> 1.0)
      uuidtools (>= 1.0)

GEM
  remote: http://rubygems.org/
  specs:
    actionmailer (2.3.5)
      actionpack (= 2.3.5)
    activerecord (2.3.5)
      activesupport (= 2.3.5)
    activeresource (2.3.5)
      activesupport (= 2.3.5)
    activesupport (2.3.5)
    builder (3.0.0)
    columnize (0.3.6)
    cucumber (0.10.7)
      builder (>= 2.1.2)
      diff-lcs (>= 1.1.2)
      gherkin (~> 2.4.0)
      json (>= 1.4.6)
      term-ansicolor (>= 1.0.5)
    diff-lcs (1.1.3)
    flexmock (0.9.0)
    gherkin (2.4.21)
      json (>= 1.4.6)
    httpclient (2.2.4)
    json (1.6.6)
    linecache (0.46)
      rbx-require-relative (> 0.0.4)
    mysql (2.8.1)
    rack (1.1.3)
    rack-contrib (1.1.0)
      rack (>= 0.9.1)
    rails (2.3.5)
      actionmailer (= 2.3.5)
      actionpack (= 2.3.5)
      activerecord (= 2.3.5)
      activeresource (= 2.3.5)
      activesupport (= 2.3.5)
      rake (>= 0.8.3)
    rake (0.9.2.2)
    rbx-require-relative (0.0.9)
    rspec (1.3.2)
    ruby-debug (0.10.4)
      columnize (>= 0.1)
      ruby-debug-base (~> 0.10.4.0)
    ruby-debug-base (0.10.4)
      linecache (>= 0.3)
    sequel (3.0.0)
    sqlite3 (1.3.6)
    term-ansicolor (1.0.7)
    uuidtools (2.1.2)

PLATFORMS
  ruby

DEPENDENCIES
  actionpack (= 2.3.5)!
  cucumber (~> 0.8)
  flexmock (~> 0.8)
  global_session!
  httpclient
  mysql
  rack (~> 1.1.0)
  rails (= 2.3.5)
  rake (~> 0.8)
  rspec (~> 1.3)
  ruby-debug (~> 0.10)
  sequel (= 3.0.0)
  sqlite3
